GEM
  remote: https://rubygems.org/
  specs:
    activesupport (4.2.6)
      i18n (~> 0.7)
      json (~> 1.7, >= 1.7.7)
      minitest (~> 5.1)
      thread_safe (~> 0.3, >= 0.3.4)
      tzinfo (~> 1.1)
    addressable (2.4.0)
    blankslate (3.1.3)
    colorator (0.1)
    ffi (1.9.10)
    gemoji (2.1.0)
    hike (2.1.3)
    html-pipeline (2.4.1)
      activesupport (>= 2, < 5)
      nokogiri (>= 1.4)
    i18n (0.7.0)
    jekyll (3.1.6)
      colorator (~> 0.1)
      jekyll-sass-converter (~> 1.0)
      jekyll-watch (~> 1.1)
      kramdown (~> 1.3)
      liquid (~> 3.0)
      mercenary (~> 0.3.3)
      rouge (~> 1.7)
      safe_yaml (~> 1.0)
    jekyll-crosspost-to-medium (0.1.14)
    jekyll-feed (0.5.1)
    jekyll-redirect-from (0.10.0)
      jekyll (>= 2.0)
    jekyll-sass-converter (1.4.0)
      sass (~> 3.4)
    jekyll-sitemap (0.10.0)
    jekyll-watch (1.4.0)
      listen (~> 3.0, < 3.1)
    jemoji (0.6.2)
      gemoji (~> 2.0)
      html-pipeline (~> 2.2)
      jekyll (>= 3.0)
    json (1.8.3)
    kramdown (1.11.1)
    liquid (3.0.6)
    listen (3.0.5)
      rb-fsevent (>= 0.9.3)
      rb-inotify (>= 0.9)
    mercenary (0.3.6)
    mini_portile2 (2.0.0)
    minitest (5.9.0)
    nokogiri (1.6.7.2)
      mini_portile2 (~> 2.0.0.rc2)
    parslet (1.7.1)
      blankslate (>= 2.0, <= 4.0)
    rb-fsevent (0.9.7)
    rb-inotify (0.9.7)
      ffi (>= 0.5.0)
    rouge (1.10.1)
    safe_yaml (1.0.4)
    sass (3.4.22)
    stringex (2.6.0)
    thread_safe (0.3.5)
    tilt (2.0.4)
    tzinfo (1.2.2)
      thread_safe (~> 0.1)

PLATFORMS
  ruby

DEPENDENCIES
  activesupport (= 4.2.6)
  addressable (= 2.4.0)
  blankslate (= 3.1.3)
  bundler (= 1.10.0)
  colorator (= 0.1)
  ffi (= 1.9.10)
  gemoji (= 2.1.0)
  hike (= 2.1.3)
  html-pipeline (= 2.4.1)
  i18n (= 0.7.0)
  jekyll (= 3.1.6)
  jekyll-crosspost-to-medium (= 0.1.14)
  jekyll-feed (= 0.5.1)
  jekyll-redirect-from (= 0.10.0)
  jekyll-sass-converter (= 1.4.0)
  jekyll-sitemap (= 0.10.0)
  jekyll-watch (= 1.4.0)
  jemoji (= 0.6.2)
  json (= 1.8.3)
  kramdown (= 1.11.1)
  liquid (= 3.0.6)
  listen (= 3.0.5)
  mercenary (= 0.3.6)
  mini_portile2 (= 2.0.0)
  minitest (= 5.9.0)
  nokogiri (= 1.6.7.2)
  parslet (= 1.7.1)
  rb-fsevent (= 0.9.7)
  rb-inotify (= 0.9.7)
  rouge (= 1.10.1)
  safe_yaml (= 1.0.4)
  sass (= 3.4.22)
  stringex (= 2.6.0)
  thread_safe (= 0.3.5)
  tilt (= 2.0.4)
  tzinfo (= 1.2.2)

BUNDLED WITH
   1.10.0
